PATH
  remote: .
  specs:
    uuid_extension (1.0.1)

GEM
  remote: http://rubygems.org/
  specs:
    activemodel (3.0.4)
      activesupport (= 3.0.4)
      builder (~> 2.1.2)
      i18n (~> 0.4)
    activerecord (3.0.4)
      activemodel (= 3.0.4)
      activesupport (= 3.0.4)
      arel (~> 2.0.2)
      tzinfo (~> 0.3.23)
    activesupport (3.0.4)
    arel (2.0.8)
    builder (2.1.2)
    i18n (0.5.0)
    tzinfo (0.3.24)

PLATFORMS
  ruby

DEPENDENCIES
  activerecord (~> 3.0.4)
  uuid_extension!
